GEM
  remote: https://rubygems.org/
  specs:
    ast (2.4.1)
    fancy_irb (1.2.1)
      paint (>= 0.9, < 3.0)
      unicode-display_width (~> 1.1)
    gtfs (0.2.5)
      multi_json
      rake
      rubyzip (~> 1.1)
    json (2.3.1)
    multi_json (1.15.0)
    paint (2.2.0)
    parallel (1.19.2)
    parser (2.7.1.4)
      ast (~> 2.4.1)
    rainbow (3.0.0)
    rake (13.0.1)
    regexp_parser (1.7.1)
    rexml (3.2.4)
    rubocop (0.89.1)
      parallel (~> 1.10)
      parser (>= 2.7.1.1)
      rainbow (>= 2.2.2, < 4.0)
      regexp_parser (>= 1.7)
      rexml
      rubocop-ast (>= 0.3.0, < 1.0)
      ruby-progressbar (~> 1.7)
      unicode-display_width (>= 1.4.0, < 2.0)
    rubocop-ast (0.3.0)
      parser (>= 2.7.1.4)
    ruby-progressbar (1.10.1)
    rubyzip (1.3.0)
    unicode-display_width (1.7.0)
    wirb (2.2.1)
      paint (>= 0.9, < 3.0)

PLATFORMS
  ruby

DEPENDENCIES
  fancy_irb
  gtfs
  json
  rake
  rubocop
  wirb

RUBY VERSION
   ruby 2.7.1p83

BUNDLED WITH
   2.1.4
