GEM
  remote: https://rubygems.org/
  specs:
    ast (2.4.2)
    csv (3.3.0)
    gtfs (0.5.1)
      multi_json
      rake
      rubyzip (~> 2.3)
    json (2.9.0)
    language_server-protocol (3.17.0.3)
    multi_json (1.15.0)
    parallel (1.26.3)
    parser (3.3.6.0)
      ast (~> 2.4.1)
      racc
    racc (1.8.1)
    rainbow (3.1.1)
    rake (13.2.1)
    regexp_parser (2.9.3)
    rubocop (1.69.1)
      json (~> 2.3)
      language_server-protocol (>= 3.17.0)
      parallel (~> 1.10)
      parser (>= 3.3.0.2)
      rainbow (>= 2.2.2, < 4.0)
      regexp_parser (>= 2.9.3, < 3.0)
      rubocop-ast (>= 1.36.2, < 2.0)
      ruby-progressbar (~> 1.7)
      unicode-display_width (>= 2.4.0, < 4.0)
    rubocop-ast (1.36.2)
      parser (>= 3.3.1.0)
    rubocop-rake (0.6.0)
      rubocop (~> 1.0)
    ruby-progressbar (1.13.0)
    rubyzip (2.3.2)
    unicode-display_width (3.1.2)
      unicode-emoji (~> 4.0, >= 4.0.4)
    unicode-emoji (4.0.4)

PLATFORMS
  ruby

DEPENDENCIES
  csv
  gtfs
  json
  rake
  rubocop
  rubocop-rake

RUBY VERSION
   ruby 3.3.6p108

BUNDLED WITH
   2.5.23
