GEM
  remote: https://rubygems.org/
  specs:
    ast (2.4.2)
    gtfs (0.4.2)
      multi_json
      rake
      rubyzip (~> 2.3)
    json (2.7.2)
    language_server-protocol (3.17.0.3)
    multi_json (1.15.0)
    parallel (1.25.1)
    parser (3.3.4.0)
      ast (~> 2.4.1)
      racc
    racc (1.8.1)
    rainbow (3.1.1)
    rake (13.2.1)
    regexp_parser (2.9.2)
    rexml (3.3.2)
      strscan
    rubocop (1.65.0)
      json (~> 2.3)
      language_server-protocol (>= 3.17.0)
      parallel (~> 1.10)
      parser (>= 3.3.0.2)
      rainbow (>= 2.2.2, < 4.0)
      regexp_parser (>= 2.4, < 3.0)
      rexml (>= 3.2.5, < 4.0)
      rubocop-ast (>= 1.31.1, < 2.0)
      ruby-progressbar (~> 1.7)
      unicode-display_width (>= 2.4.0, < 3.0)
    rubocop-ast (1.31.3)
      parser (>= 3.3.1.0)
    rubocop-rake (0.6.0)
      rubocop (~> 1.0)
    ruby-progressbar (1.13.0)
    rubyzip (2.3.2)
    strscan (3.1.0)
    unicode-display_width (2.5.0)

PLATFORMS
  ruby

DEPENDENCIES
  gtfs
  json
  rake
  rubocop
  rubocop-rake

RUBY VERSION
   ruby 3.3.4p94

BUNDLED WITH
   2.5.16
