GEM
  remote: https://rubygems.org/
  specs:
    gtfs (0.2.5)
      multi_json
      rake
      rubyzip (~> 1.1)
    json (2.3.1)
    multi_json (1.15.0)
    rake (13.0.1)
    rubyzip (1.3.0)

PLATFORMS
  ruby

DEPENDENCIES
  gtfs
  json
  rake

RUBY VERSION
   ruby 2.6.6p146

BUNDLED WITH
   2.1.4
