GEM
  remote: https://rubygems.org/
  specs:
    gtfs (0.2.5)
      multi_json
      rake
      rubyzip (~> 1.1)
    json (2.2.0)
    multi_json (1.13.1)
    rake (12.3.3)
    rubyzip (1.3.0)

PLATFORMS
  ruby

DEPENDENCIES
  gtfs
  json
  rake

RUBY VERSION
   ruby 2.6.3p62

BUNDLED WITH
   2.0.2
