GEM
  remote: https://rubygems.org/
  specs:
    fancy_irb (1.2.1)
      paint (>= 0.9, < 3.0)
      unicode-display_width (~> 1.1)
    gtfs (0.2.5)
      multi_json
      rake
      rubyzip (~> 1.1)
    json (2.3.1)
    multi_json (1.15.0)
    paint (2.2.0)
    rake (13.0.1)
    rubyzip (1.3.0)
    unicode-display_width (1.7.0)
    wirb (2.2.1)
      paint (>= 0.9, < 3.0)

PLATFORMS
  ruby

DEPENDENCIES
  fancy_irb
  gtfs
  json
  rake
  wirb

RUBY VERSION
   ruby 2.7.1p83

BUNDLED WITH
   2.1.4
